GIT
  remote: https://github.com/uvalib/virgo4-ruby-parser.git
  revision: 7c08c11967446bbb4afef07620f77ff0a1e0a202
  specs:
    virgo_parser (0.0.5)

GEM
  remote: https://rubygems.org/
  specs:
    actionview (6.1.6)
      activesupport (= 6.1.6)
      builder (~> 3.1)
      erubi (~> 1.4)
      rails-dom-testing (~> 2.0)
      rails-html-sanitizer (~> 1.1, >= 1.2.0)
    activesupport (6.1.6)
      concurrent-ruby (~> 1.0, >= 1.0.2)
      i18n (>= 1.6, < 2)
      minitest (>= 5.1)
      tzinfo (~> 2.0)
      zeitwerk (~> 2.3)
    builder (3.2.4)
    clap (1.0.0)
    coderay (1.1.3)
    concurrent-ruby (1.1.10)
    crass (1.0.6)
    cuba (3.9.3)
      rack (>= 1.6.0)
    cutest (1.2.3)
      clap
    dotenv (2.7.6)
    erubi (1.10.0)
    ffi (1.15.5-java)
    httparty (0.20.0)
      mime-types (~> 3.0)
      multi_xml (>= 0.5.2)
    i18n (1.10.0)
      concurrent-ruby (~> 1.0)
    jbuilder (2.11.5)
      actionview (>= 5.0.0)
      activesupport (>= 5.0.0)
    jwt (2.1.0)
    loofah (2.18.0)
      crass (~> 1.0.2)
      nokogiri (>= 1.5.9)
    method_source (1.0.0)
    mime-types (3.4.1)
      mime-types-data (~> 3.2015)
    mime-types-data (3.2022.0105)
    minitest (5.15.0)
    multi_xml (0.6.0)
    nio4r (2.5.8-java)
    nokogiri (1.12.5-java)
      racc (~> 1.4)
    prometheus-client (4.0.0)
    pry (0.14.1-java)
      coderay (~> 1.1)
      method_source (~> 1.0)
      spoon (~> 0.0)
    pry-debugger-jruby (2.1.0-java)
      pry (>= 0.13, < 0.15)
      ruby-debug-base (>= 0.10.4, < 0.12)
    puma (5.6.4-java)
      nio4r (~> 2.0)
    racc (1.6.0-java)
    rack (2.0.9.1)
    rack-contrib (2.3.0)
      rack (~> 2.0)
    rack-cors (1.1.1)
      rack (>= 2.0.0)
    rack-jwt (0.5.0)
      jwt (~> 2.1.0)
      rack (~> 2.0.0)
    rack-post-body-to-params (0.1.8)
      activesupport (>= 2.3)
    rack-test (1.1.0)
      rack (>= 1.0, < 3)
    rails-dom-testing (2.0.3)
      activesupport (>= 4.2.0)
      nokogiri (>= 1.6)
    rails-html-sanitizer (1.4.2)
      loofah (~> 2.3)
    ruby-debug-base (0.11.0-java)
    spoon (0.0.6)
      ffi
    tilt (2.0.10)
    tilt-jbuilder (0.7.1)
      jbuilder
      tilt (>= 1.3.0, < 3)
    tzinfo (2.0.4)
      concurrent-ruby (~> 1.0)
    zeitwerk (2.5.4)

PLATFORMS
  java
  universal-java-11
  universal-java-17

DEPENDENCIES
  cuba
  cutest
  dotenv
  httparty
  i18n
  jbuilder
  nokogiri
  prometheus-client
  pry-debugger-jruby
  puma
  rack-contrib
  rack-cors
  rack-jwt
  rack-post-body-to-params
  rack-test
  tilt
  tilt-jbuilder
  virgo_parser!

BUNDLED WITH
   2.4.7