GIT
  remote: https://github.com/uvalib/virgo4-ruby-parser.git
  revision: efb54faad65661bc5735a3d14b73ca41a4a89787
  specs:
    virgo_parser (0.0.4)

GEM
  remote: https://rubygems.org/
  specs:
    activesupport (6.0.3.2)
      concurrent-ruby (~> 1.0, >= 1.0.2)
      i18n (>= 0.7, < 2)
      minitest (~> 5.1)
      tzinfo (~> 1.1)
      zeitwerk (~> 2.2, >= 2.2.2)
    clap (1.0.0)
    coderay (1.1.3)
    concurrent-ruby (1.1.6)
    cuba (3.9.2)
      rack (>= 1.6.0)
    cutest (1.2.3)
      clap
    dotenv (2.7.6)
    ffi (1.13.1-java)
    httparty (0.18.1)
      mime-types (~> 3.0)
      multi_xml (>= 0.5.2)
    i18n (1.8.3)
      concurrent-ruby (~> 1.0)
    jbuilder (2.10.0)
      activesupport (>= 5.0.0)
    jwt (2.1.0)
    method_source (0.9.2)
    mime-types (3.3.1)
      mime-types-data (~> 3.2015)
    mime-types-data (3.2020.0512)
    minitest (5.14.1)
    multi_xml (0.6.0)
    nio4r (2.5.2-java)
    nokogiri (1.10.10-java)
    prometheus-client (2.1.0)
    pry (0.11.3-java)
      coderay (~> 1.1.0)
      method_source (~> 0.9.0)
      spoon (~> 0.0)
    pry-debugger-jruby (1.2.1-java)
      pry (>= 0.10, < 0.12)
      ruby-debug-base (~> 0.10.4)
    puma (4.3.5-java)
      nio4r (~> 2.0)
    rack (2.0.9)
    rack-contrib (2.2.0)
      rack (~> 2.0)
    rack-cors (1.1.1)
      rack (>= 2.0.0)
    rack-jwt (0.5.0)
      jwt (~> 2.1.0)
      rack (~> 2.0.0)
    rack-post-body-to-params (0.1.8)
      activesupport (>= 2.3)
    rack-test (1.1.0)
      rack (>= 1.0, < 3)
    ruby-debug-base (0.10.6-java)
    spoon (0.0.6)
      ffi
    thread_safe (0.3.6-java)
    tilt (2.0.10)
    tilt-jbuilder (0.7.1)
      jbuilder
      tilt (>= 1.3.0, < 3)
    tzinfo (1.2.7)
      thread_safe (~> 0.1)
    zeitwerk (2.4.0)

PLATFORMS
  java

DEPENDENCIES
  cuba
  cutest
  dotenv
  httparty
  i18n
  jbuilder
  nokogiri
  prometheus-client
  pry-debugger-jruby
  puma
  rack-contrib
  rack-cors
  rack-jwt
  rack-post-body-to-params
  rack-test
  tilt
  tilt-jbuilder
  virgo_parser!

BUNDLED WITH
   2.1.4
