GIT
  remote: https://github.com/uvalib/virgo4-ruby-parser.git
  revision: fec5a6d9cac20fc68bd5ab98cb13a7ffdbe2855a
  specs:
    virgo_parser (0.0.3)

GEM
  remote: https://rubygems.org/
  specs:
    activesupport (6.0.2.1)
      concurrent-ruby (~> 1.0, >= 1.0.2)
      i18n (>= 0.7, < 2)
      minitest (~> 5.1)
      tzinfo (~> 1.1)
      zeitwerk (~> 2.2)
    clap (1.0.0)
    coderay (1.1.2)
    concurrent-ruby (1.1.5)
    cuba (3.9.2)
      rack (>= 1.6.0)
    cutest (1.2.3)
      clap
    dotenv (2.7.5)
    ffi (1.11.3-java)
    httparty (0.17.3)
      mime-types (~> 3.0)
      multi_xml (>= 0.5.2)
    i18n (1.8.1)
      concurrent-ruby (~> 1.0)
    jbuilder (2.9.1)
      activesupport (>= 4.2.0)
    method_source (0.9.2)
    mime-types (3.3.1)
      mime-types-data (~> 3.2015)
    mime-types-data (3.2019.1009)
    minitest (5.13.0)
    multi_xml (0.6.0)
    nio4r (2.5.2-java)
    nokogiri (1.10.7-java)
    prometheus-client (1.0.0)
    pry (0.11.3-java)
      coderay (~> 1.1.0)
      method_source (~> 0.9.0)
      spoon (~> 0.0)
    pry-debugger-jruby (1.2.1-java)
      pry (>= 0.10, < 0.12)
      ruby-debug-base (~> 0.10.4)
    puma (4.3.1-java)
      nio4r (~> 2.0)
    rack (2.0.8)
    rack-contrib (2.1.0)
      rack (~> 2.0)
    rack-cors (1.1.1)
      rack (>= 2.0.0)
    rack-post-body-to-params (0.1.8)
      activesupport (>= 2.3)
    rack-test (1.1.0)
      rack (>= 1.0, < 3)
    ruby-debug-base (0.10.6-java)
    spoon (0.0.6)
      ffi
    thread_safe (0.3.6-java)
    tilt (2.0.10)
    tilt-jbuilder (0.7.1)
      jbuilder
      tilt (>= 1.3.0, < 3)
    tzinfo (1.2.6)
      thread_safe (~> 0.1)
    zeitwerk (2.2.2)

PLATFORMS
  java

DEPENDENCIES
  cuba
  cutest
  dotenv
  httparty
  i18n
  jbuilder
  nokogiri
  prometheus-client
  pry-debugger-jruby
  puma
  rack-contrib
  rack-cors
  rack-post-body-to-params
  rack-test
  tilt
  tilt-jbuilder
  virgo_parser!

BUNDLED WITH
   2.1.4
