GIT
  remote: https://github.com/uvalib/virgo4-ruby-parser.git
  revision: 7c08c11967446bbb4afef07620f77ff0a1e0a202
  specs:
    virgo_parser (0.0.5)

GEM
  remote: https://rubygems.org/
  specs:
    activesupport (7.0.4.2)
      concurrent-ruby (~> 1.0, >= 1.0.2)
      i18n (>= 1.6, < 2)
      minitest (>= 5.1)
      tzinfo (~> 2.0)
    clap (1.0.0)
    coderay (1.1.3)
    concurrent-ruby (1.2.0)
    cuba (3.9.3)
      rack (>= 1.6.0)
    cutest (1.2.3)
      clap
    dotenv (2.7.6)
    ffi (1.13.1-java)
    httparty (0.18.1)
      mime-types (~> 3.0)
      multi_xml (>= 0.5.2)
    i18n (1.8.5)
      concurrent-ruby (~> 1.0)
    jbuilder (2.10.1)
      activesupport (>= 5.0.0)
    jwt (2.1.0)
    method_source (1.0.0)
    mime-types (3.3.1)
      mime-types-data (~> 3.2015)
    mime-types-data (3.2020.1104)
    mini_portile2 (2.4.0)
    minitest (5.17.0)
    multi_xml (0.6.0)
    nio4r (2.5.4)
    nio4r (2.5.4-java)
    nokogiri (1.10.10)
      mini_portile2 (~> 2.4.0)
    nokogiri (1.10.10-java)
    prometheus-client (2.1.0)
    pry (0.13.1-java)
      coderay (~> 1.1)
      method_source (~> 1.0)
      spoon (~> 0.0)
    pry-debugger-jruby (2.0.0-java)
      pry (>= 0.13, < 0.14)
      ruby-debug-base (>= 0.10.4, < 0.12)
    puma (5.0.4)
      nio4r (~> 2.0)
    puma (5.0.4-java)
      nio4r (~> 2.0)
    rack (2.0.9)
    rack-contrib (2.2.0)
      rack (~> 2.0)
    rack-cors (1.1.1)
      rack (>= 2.0.0)
    rack-jwt (0.5.0)
      jwt (~> 2.1.0)
      rack (~> 2.0.0)
    rack-post-body-to-params (0.1.8)
      activesupport (>= 2.3)
    rack-test (1.1.0)
      rack (>= 1.0, < 3)
    ruby-debug-base (0.11.0-java)
    spoon (0.0.6)
      ffi
    tilt (2.0.10)
    tilt-jbuilder (0.7.1)
      jbuilder
      tilt (>= 1.3.0, < 3)
    tzinfo (2.0.6)
      concurrent-ruby (~> 1.0)

PLATFORMS
  java
  x86_64-linux

DEPENDENCIES
  cuba
  cutest
  dotenv
  httparty
  i18n
  jbuilder
  nokogiri
  prometheus-client
  pry-debugger-jruby
  puma
  rack-contrib
  rack-cors
  rack-jwt
  rack-post-body-to-params
  rack-test
  tilt
  tilt-jbuilder
  virgo_parser!

BUNDLED WITH
   2.1.4
