GEM
  remote: https://rubygems.org/
  specs:
    activesupport (5.2.3)
      concurrent-ruby (~> 1.0, >= 1.0.2)
      i18n (>= 0.7, < 2)
      minitest (~> 5.1)
      tzinfo (~> 1.1)
    bibtex-ruby (4.4.7)
      latex-decode (~> 0.0)
    byebug (11.0.1)
    citeproc (1.0.9)
      namae (~> 1.0)
    citeproc-ruby (1.1.10)
      citeproc (~> 1.0, >= 1.0.9)
      csl (~> 1.5)
    climate_control (0.2.0)
    concurrent-ruby (1.1.5)
    crass (1.0.4)
    csl (1.5.0)
      namae (~> 1.0)
    csl-styles (1.0.1.9)
      csl (~> 1.0)
    cuba (3.9.2)
      rack (>= 1.6.0)
    dotenv (2.7.5)
    ebsco-eds (1.0.7)
      activesupport (~> 5.0)
      bibtex-ruby (~> 4.0)
      citeproc (>= 1.0.4, < 2.0)
      citeproc-ruby (~> 1.0, >= 1.0.2)
      climate_control (~> 0)
      csl (~> 1.4)
      csl-styles (~> 1.0, >= 1.0.1.5)
      dotenv (~> 2.2)
      faraday (~> 0)
      faraday-detailed_logger (~> 2.0)
      faraday_middleware (~> 0.11)
      net-http-persistent (~> 2.9)
      require_all (~> 1.3)
      sanitize (~> 4.5, >= 4.5.0)
    faraday (0.15.4)
      multipart-post (>= 1.2, < 3)
    faraday-detailed_logger (2.1.3)
      faraday (~> 0.8)
    faraday_middleware (0.13.1)
      faraday (>= 0.7.4, < 1.0)
    i18n (1.6.0)
      concurrent-ruby (~> 1.0)
    jbuilder (2.9.1)
      activesupport (>= 4.2.0)
    latex-decode (0.3.1)
    mini_portile2 (2.4.0)
    minitest (5.11.3)
    multipart-post (2.1.1)
    namae (1.0.1)
    net-http-persistent (2.9.4)
    nio4r (2.4.0)
    nokogiri (1.10.3)
      mini_portile2 (~> 2.4.0)
    nokogumbo (1.5.0)
      nokogiri
    puma (4.0.1)
      nio4r (~> 2.0)
    rack (2.0.7)
    require_all (1.5.0)
    sanitize (4.6.6)
      crass (~> 1.0.2)
      nokogiri (>= 1.4.4)
      nokogumbo (~> 1.4)
    thread_safe (0.3.6)
    tilt (2.0.9)
    tilt-jbuilder (0.7.1)
      jbuilder
      tilt (>= 1.3.0, < 3)
    tzinfo (1.2.5)
      thread_safe (~> 0.1)

PLATFORMS
  ruby

DEPENDENCIES
  byebug
  cuba
  ebsco-eds
  jbuilder
  puma
  tilt
  tilt-jbuilder

BUNDLED WITH
   1.17.3
